GEM
  remote: https://rubygems.org/
  specs:
    abroad (4.1.3)
      htmlentities (~> 4.0)
      json-stream (~> 0.0)
      json-write-stream (~> 1.1)
      nokogiri (~> 1.0)
      xml-write-stream (~> 1.0)
      yaml-write-stream (~> 2.0)
    addressable (2.4.0)
    backports (3.6.8)
    celluloid (0.17.3)
      celluloid-essentials
      celluloid-extras
      celluloid-fsm
      celluloid-pool
      celluloid-supervision
      timers (>= 4.1.1)
    celluloid-essentials (0.20.5)
      timers (>= 4.1.1)
    celluloid-extras (0.20.5)
      timers (>= 4.1.1)
    celluloid-fsm (0.20.5)
      timers (>= 4.1.1)
    celluloid-pool (0.20.5)
      timers (>= 4.1.1)
    celluloid-supervision (0.20.6)
      timers (>= 4.1.1)
    faraday (0.9.2)
      multipart-post (>= 1.2, < 3)
    faraday_middleware (0.10.0)
      faraday (>= 0.7.4, < 0.10)
    hitimes (1.2.4)
    htmlentities (4.3.4)
    json (1.8.3)
    json-stream (0.2.1)
    json-write-stream (1.1.0)
      json_pure (~> 1.8.0)
    json_pure (1.8.3)
    mime-types (2.99.3)
    mini_portile2 (2.1.0)
    multi_json (1.12.1)
    multipart-post (2.0.0)
    nokogiri (1.6.8.1)
      mini_portile2 (~> 2.1.0)
    octokit (4.3.0)
      sawyer (~> 0.7.0, >= 0.5.3)
    parseconfig (1.0.8)
    puma (3.6.0)
    rack (1.6.4)
    rack-protection (1.5.3)
      rack
    rack-test (0.6.3)
      rack (>= 1.0)
    rake (11.3.0)
    rubyzip (1.1.2)
    sawyer (0.7.0)
      addressable (>= 2.3.5, < 2.5)
      faraday (~> 0.8, < 0.10)
    sinatra (1.4.7)
      rack (~> 1.5)
      rack-protection (~> 1.4)
      tilt (>= 1.3, < 3)
    sinatra-contrib (1.4.7)
      backports (>= 2.0)
      multi_json
      rack-protection
      rack-test
      sinatra (~> 1.4.0)
      tilt (>= 1.3, < 3)
    tilt (2.0.5)
    timers (4.1.1)
      hitimes
    txgh (6.1.1)
      abroad (~> 4.1)
      celluloid
      faraday (~> 0.9)
      faraday_middleware (~> 0.10)
      json (~> 1.8)
      octokit (~> 4.2)
      parseconfig (~> 1.0)
    txgh-server (2.1.1)
      mime-types (~> 2.0)
      rubyzip (>= 1.0, <= 1.1.2)
      sinatra (~> 1.4)
      sinatra-contrib (~> 1.4)
      txgh (~> 6.1)
    xml-write-stream (1.1.0)
    yaml-write-stream (2.0.2)

PLATFORMS
  ruby

DEPENDENCIES
  puma
  rack
  rake
  txgh (~> 6.0)
  txgh-server (~> 2.0)

BUNDLED WITH
   1.13.2
