GEM
  remote: https://rubygems.org/
  specs:
    abroad (4.6.0)
      htmlentities (~> 4.0)
      json-stream (~> 0.0)
      json-write-stream (~> 2.0)
      nokogiri (~> 1.8)
      xml-write-stream (~> 1.0)
      yaml-write-stream (~> 2.0)
    addressable (2.7.0)
      public_suffix (>= 2.0.2, < 5.0)
    aws-eventstream (1.1.0)
    aws-sdk (2.11.632)
      aws-sdk-resources (= 2.11.632)
    aws-sdk-core (2.11.632)
      aws-sigv4 (~> 1.0)
      jmespath (~> 1.0)
    aws-sdk-resources (2.11.632)
      aws-sdk-core (= 2.11.632)
    aws-sigv4 (1.2.2)
      aws-eventstream (~> 1, >= 1.0.2)
    backports (3.18.2)
    celluloid (0.18.0)
      timers (~> 4)
    faraday (0.17.3)
      multipart-post (>= 1.2, < 3)
    faraday_middleware (0.14.0)
      faraday (>= 0.7.4, < 1.0)
    gitlab (4.16.1)
      httparty (~> 0.14, >= 0.14.0)
      terminal-table (~> 1.5, >= 1.5.1)
    htmlentities (4.3.4)
    httparty (0.16.2)
      multi_xml (>= 0.5.2)
    jmespath (1.4.0)
    json (1.8.6)
    json-stream (0.2.1)
    json-write-stream (2.0.0)
      json_pure (~> 1.8.0)
    json_pure (1.8.6)
    mime-types (2.99.3)
    mini_portile2 (2.4.0)
    multi_json (1.15.0)
    multi_xml (0.6.0)
    multipart-post (2.1.1)
    nokogiri (1.10.10)
      mini_portile2 (~> 2.4.0)
    octokit (4.19.0)
      faraday (>= 0.9)
      sawyer (~> 0.8.0, >= 0.5.3)
    parseconfig (1.0.8)
    public_suffix (4.0.6)
    puma (3.11.4)
    rack (1.6.10)
    rack-protection (1.5.5)
      rack
    rack-test (1.1.0)
      rack (>= 1.0, < 3)
    rake (12.3.1)
    rubyzip (1.1.2)
    sawyer (0.8.2)
      addressable (>= 2.3.5)
      faraday (> 0.8, < 2.0)
    sinatra (1.4.8)
      rack (~> 1.5)
      rack-protection (~> 1.4)
      tilt (>= 1.3, < 3)
    sinatra-contrib (1.4.7)
      backports (>= 2.0)
      multi_json
      rack-protection
      rack-test
      sinatra (~> 1.4.0)
      tilt (>= 1.3, < 3)
    terminal-table (1.8.0)
      unicode-display_width (~> 1.1, >= 1.1.1)
    tilt (2.0.10)
    timers (4.3.2)
    txgh (7.0.2)
      abroad (~> 4.6)
      celluloid
      faraday (= 0.17.3)
      faraday_middleware (= 0.14.0)
      gitlab (~> 4.14)
      json (~> 1.8)
      octokit (~> 4.2)
      parseconfig (~> 1.0)
    txgh-queue (3.0.3)
      aws-sdk (~> 2.0)
      sinatra (~> 1.4)
      sinatra-contrib (~> 1.4)
      txgh (>= 7.0.2)
      txgh-server (>= 4.0.3)
    txgh-server (4.0.3)
      mime-types (~> 2.0)
      rubyzip (>= 1.0, <= 1.1.2)
      sinatra (~> 1.4)
      sinatra-contrib (~> 1.4)
      txgh (>= 7.0.2)
    unicode-display_width (1.7.0)
    xml-write-stream (1.1.0)
    yaml-write-stream (2.0.2)

PLATFORMS
  ruby
  x86_64-darwin-17

DEPENDENCIES
  puma
  rack
  rake
  txgh (= 7.0.2)
  txgh-queue (= 3.0.3)
  txgh-server (= 4.0.3)

BUNDLED WITH
   1.17.3
