PATH
  remote: .
  specs:
    txgh-queue (1.0.0)
      aws-sdk (~> 2.0)
      txgh (~> 5.0)

GEM
  remote: https://rubygems.org/
  specs:
    abroad (4.1.3)
      htmlentities (~> 4.0)
      json-stream (~> 0.0)
      json-write-stream (~> 1.1)
      nokogiri (~> 1.0)
      xml-write-stream (~> 1.0)
      yaml-write-stream (~> 2.0)
    addressable (2.4.0)
    aws-sdk (2.5.6)
      aws-sdk-resources (= 2.5.6)
    aws-sdk-core (2.5.6)
      jmespath (~> 1.0)
    aws-sdk-resources (2.5.6)
      aws-sdk-core (= 2.5.6)
    byebug (9.0.5)
    coderay (1.1.1)
    diff-lcs (1.2.5)
    faraday (0.9.2)
      multipart-post (>= 1.2, < 3)
    faraday_middleware (0.10.0)
      faraday (>= 0.7.4, < 0.10)
    htmlentities (4.3.4)
    jmespath (1.3.1)
    json (1.8.3)
    json-stream (0.2.1)
    json-write-stream (1.1.0)
      json_pure (~> 1.8.0)
    json_pure (1.8.3)
    method_source (0.8.2)
    mini_portile2 (2.1.0)
    multipart-post (2.0.0)
    nokogiri (1.6.8)
      mini_portile2 (~> 2.1.0)
      pkg-config (~> 1.1.7)
    octokit (4.3.0)
      sawyer (~> 0.7.0, >= 0.5.3)
    parseconfig (1.0.8)
    pkg-config (1.1.7)
    pry (0.10.4)
      coderay (~> 1.1.0)
      method_source (~> 0.8.1)
      slop (~> 3.4)
    pry-byebug (3.4.0)
      byebug (~> 9.0)
      pry (~> 0.10)
    rake (11.2.2)
    rspec (3.5.0)
      rspec-core (~> 3.5.0)
      rspec-expectations (~> 3.5.0)
      rspec-mocks (~> 3.5.0)
    rspec-core (3.5.2)
      rspec-support (~> 3.5.0)
    rspec-expectations (3.5.0)
      diff-lcs (>= 1.2.0, < 2.0)
      rspec-support (~> 3.5.0)
    rspec-mocks (3.5.0)
      diff-lcs (>= 1.2.0, < 2.0)
      rspec-support (~> 3.5.0)
    rspec-support (3.5.0)
    sawyer (0.7.0)
      addressable (>= 2.3.5, < 2.5)
      faraday (~> 0.8, < 0.10)
    slop (3.6.0)
    txgh (5.5.0)
      abroad (~> 4.1)
      faraday (~> 0.9)
      faraday_middleware (~> 0.10)
      json (~> 1.8)
      octokit (~> 4.2)
      parseconfig (~> 1.0)
    xml-write-stream (1.1.0)
    yaml-write-stream (2.0.2)

PLATFORMS
  ruby

DEPENDENCIES
  pry-byebug
  rake
  rspec
  txgh-queue!

BUNDLED WITH
   1.12.5
